GEM
  remote: http://rubygems.org/
  specs:
    builder (3.1.3)
    daemons (1.1.4)
    eventmachine (0.12.10)
    jwt (0.1.5)
      multi_json (>= 1.0)
    multi_json (1.6.1)
    rack (1.3.5)
    rack-protection (1.1.4)
      rack
    sinatra (1.3.1)
      rack (~> 1.3, >= 1.3.4)
      rack-protection (~> 1.1, >= 1.1.2)
      tilt (~> 1.3, >= 1.3.3)
    thin (1.3.0)
      daemons (>= 1.0.9)
      eventmachine (>= 0.12.6)
      rack (>= 1.0.0)
    tilt (1.3.3)
    twilio-ruby (3.9.0)
      builder (>= 2.1.2)
      jwt (>= 0.1.2)
      multi_json (>= 1.3.0)

PLATFORMS
  ruby

DEPENDENCIES
  sinatra (= 1.3.1)
  thin (= 1.3.0)
  twilio-ruby
